GEM
  remote: http://rubygems.org/
  specs:
    coderay (1.1.1)
    httparty (0.14.0)
      multi_xml (>= 0.5.2)
    kgio (2.10.0)
    logger (1.2.8)
    method_source (0.8.2)
    multi_xml (0.5.5)
    pry (0.10.3)
      coderay (~> 1.1.0)
      method_source (~> 0.8.1)
      slop (~> 3.4)
    rack (1.6.4)
    rack-mount (0.8.3)
      rack (>= 1.0.0)
    rack-protection (1.5.3)
      rack
    raindrops (0.17.0)
    redis (3.3.1)
    sinatra (1.4.7)
      rack (~> 1.5)
      rack-protection (~> 1.4)
      tilt (>= 1.3, < 3)
    slop (3.6.0)
    tilt (2.0.5)
    unicorn (5.2.0)
      kgio (~> 2.6)
      raindrops (~> 0.7)

PLATFORMS
  ruby

DEPENDENCIES
  httparty
  logger
  pry
  rack
  rack-mount
  redis
  sinatra
  unicorn

BUNDLED WITH
   1.10.6
